##TITLE= Parameter file, TOPSPIN		Version 3.2
##JCAMPDX= 5.0
##DATATYPE= Parameter Values
##NPOINTS= 1682	$$ modification sequence number
##ORIGIN= Bruker BioSpin GmbH
##OWNER= nmrsu
$$ 2016-03-04 12:11:15.604 +0000  ogj@tor.chem.soton.ac.uk
$$ /opt/topspin3.2/conf/instr/spect/specpar
$$ process /opt/topspin3.2/prog/mod/cprserver
##$ANCIEN= (0..7)
0 0 0 0 0 0 0 0
##$BF1= 100.13
##$BF2= 100.13
##$BF3= 100.13
##$DEC= 1
##$DECB= 1
##$DEF19F= yes
##$DEFRSEL= yes
##$HPMOD= (0..7)
0 0 0 0 0 0 0 0
##$HPPRECH= (0..15)
-1 -1 -1 0 -1 -1 -1 -1 -1 -1 -1 -1 -1 -1 -1 -1
##$LOCSW19F= -1
##$LOCSW2H= -1
##$NUC1= 10
##$NUC2= 0
##$NUC3= 0
##$NUC4= 0
##$NUC5= 0
##$NUC6= 0
##$NUC7= 0
##$NUC8= 0
##$NUCARR= (0..123)
299.83 299.83 46.025731 319.810593 228.408806 44.123241 116.525323 42.131551
32.21271 96.197379 75.392313 21.659374 30.38151 40.646325 282.122073 23.669468
79.310732 18.354498 78.12628 59.567787 121.373409 23.014951 29.377071 24.45331
13.991186 7.679561 20.178646 72.833945 16.903018 16.907525 29.893977 78.864129
16.947879 74.325512 9.70783 71.140886 26.792962 79.501343 85.162793 18.759772
71.96326 91.438268 10.459015 51.338734 57.182117 15.644296 75.119348 80.973643
11.536259 28.948416 98.105737 12.994099 14.692264 27.87309 73.386901 19.539699
19.949774 67.486714 13.807624 15.475333 9.553924 13.720521 12.136576 13.952688
63.610374 66.541797 65.560093 65.700636 98.100625 106.836202 111.808502
71.751049 38.85562 78.464737 94.595672 59.988445 83.383281 24.717748 39.326129
29.786482 33.319892 39.56047 42.352909 91.807946 16.340735 10.074288 12.502911
10.314152 74.537738 32.921334 9.204781 12.083149 72.079132 10.314152 14.451806
63.983722 8.635104 24.855907 52.468169 14.454804 34.192613 24.379177 12.014188
7.546721 35.948418 12.492078 67.535508 68.216122 6.843113 23.282999 5.151079
5.609819 64.453807 5.184061 53.702018 19.823509 171.272491 172.953451 62.726232
48.180546 5.52107 100 100 100
##$OBS= 1
##$OFFSF= (0..7)
0 0 0 0 0 0 0 0
##$OFFSH= (0..7)
2696.70000000133 0 0 0 0 0 0 0
##$OFFSX= (0..7)
10040.0000000036 0 0 0 0 0 0 0
##$OFFSXAS= (0..7)
0 0 0 0 0 0 0 0
##$OFSF1= 0
##$OFSF2= 0
##$OFSH1= 0
##$OFSH2= 0
##$OFSH3= 0
##$OFSX1= 0
##$OFSX2= 0
##$OFSY= 0
##$PACOIL= (0..15)
0 0 0 0 0 0 0 0 0 0 0 0 0 0 0 0
##$PRECHAN= (0..15)
-1 2 3 -1 4 1 -1 -1 -1 -1 -1 -1 -1 -1 -1 -1
##$RECPRE= (0..15)
-1 0 -1 -1 -1 -1 -1 -1 -1 -1 -1 -1 -1 -1 -1 -1
##$RECSEL= (0..15)
0 0 0 0 1 0 0 0 0 0 0 0 0 0 0 0
##$SELREC= (0..9)
0 0 0 0 0 0 0 0 0 0
##$SFO1= 75.402353
##$SFO2= 299.83
##$SFO3= 299.83
##$SFO4= 299.83
##$SFO5= 299.83
##$SFO6= 299.83
##$SFO7= 299.83
##$SFO8= 299.83
##$TY= (0..123)
0 0 0 0 0 0 0 0 0 0 0 0 0 0 0 0 0 0 0 0 0 0 0 0 0 0 0 0 0 0 0 0 0 0 0 0
0 0 0 0 0 0 0 0 0 0 0 0 0 0 0 0 0 0 0 0 0 0 0 0 0 0 0 0 0 0 0 0 0 0 0 0
0 0 0 0 0 0 0 0 0 0 0 0 0 0 0 0 0 0 0 0 0 0 0 0 0 0 0 0 0 0 0 0 0 0 0 0
0 0 0 0 0 0 0 0 0 0 0 0 0 0 0 0
##END=
