gzlvl6 1 1 9.99999984307e+17 -9.99999984307e+17 0 2 1 0 1 64
1 3000 
0 
dec2wave 2 2 8 0 0 2 1 0 1 64
1 "g"
0 
allC 4 2 4 0 0 2 1 0 1 64
1 "n"
0 
BPpipetype 2 2 8 0 0 2 1 256 1 64
1 ""
0 
BPpipeexp10 1 1 9.99999984307e+17 -9.99999984307e+17 0 2 1 256 1 64
1 10 
0 
BPpipe_pipeDir 2 2 8 0 0 3 1 256 1 64
1 "pipe"
0 
BPpipe_XZscript 2 2 8 0 0 3 1 256 1 64
1 "vj_xz_user.com"
0 
BPpipe_3Dscript 2 2 8 0 0 3 1 256 1 64
1 "vj_xyz_user.com"
0 
Archive1 2 2 8 0 0 2 1 0 1 64
1 ""
0 
ACQtime 7 1 100000000 0 1 2 1 256 1 64
1 0 
0 
B0 1 1 9.99999984307e+17 -9.99999984307e+17 0 2 1 0 1 64
1 140964 
0 
Archive2 2 2 8 0 0 2 1 0 1 64
1 ""
0 
BPpipeSOL 2 2 8 0 0 3 1 256 1 64
1 "y"
0 
BPpipe_XYscript 2 2 8 0 0 3 1 256 1 64
1 "vj_xy_user.com"
0 
BPpipe_4Dscript 2 2 8 0 0 3 1 256 1 64
1 "vj_xyza_user.com"
0 
BPpipe_fidscript 2 2 8 0 0 3 1 256 1 64
1 "vj_fid.com"
0 
BPpipe_editor 2 2 8 0 0 3 1 256 1 64
1 "gedit"
0 
BPpipe_controls 2 2 8 0 0 3 1 256 1 64
1 "n"
0 
BPpipe_fidDir 2 2 8 0 0 3 1 256 1 64
1 "acqfil/fid"
0 
BPpipe_par 2 2 8 0 0 3 1 256 1 64
1 "curpar"
0 
BPpipedrawinfo 2 2 8 0 0 2 1 256 1 64
1 ""
0 
BPpipeautoproc 4 2 4 0 0 2 1 256 1 64
1 "n"
0 
BPpipe_strips_script 2 2 8 0 0 3 1 256 1 64
1 "vj_scroll_user.com"
0 
BPpipe_solids 2 2 8 0 0 3 1 256 1 64
1 "n"
0 
BPpipedraw 4 2 4 0 0 2 1 0 1 64
1 "n"
0 
BPpipeexp 2 2 8 0 0 2 1 256 1 64
12 ""
""
""
""
""
""
""
""
""
""
""
""
0 
BPpipeexp1 1 1 9.99999984307e+17 -9.99999984307e+17 0 2 1 256 1 64
1 1 
0 
BPpipeexport 4 2 4 0 0 2 1 256 1 64
1 "n"
0 
BPpipeexp5 1 1 9.99999984307e+17 -9.99999984307e+17 0 2 1 256 1 64
1 5 
0 
BPpipeexp3 1 1 9.99999984307e+17 -9.99999984307e+17 0 2 1 256 1 64
1 3 
0 
BPpipeexp12 1 1 9.99999984307e+17 -9.99999984307e+17 0 2 1 256 1 64
1 12 
0 
BPpipeexp11 1 1 9.99999984307e+17 -9.99999984307e+17 0 2 1 256 1 64
1 11 
0 
BPpipeexp2 1 1 9.99999984307e+17 -9.99999984307e+17 0 2 1 256 1 64
1 2 
0 
BPpipeexp4 1 1 9.99999984307e+17 -9.99999984307e+17 0 2 1 256 1 64
1 4 
0 
BPpipeexp8 1 1 9.99999984307e+17 -9.99999984307e+17 0 2 1 256 1 64
1 8 
0 
BPpipeexp7 1 1 9.99999984307e+17 -9.99999984307e+17 0 2 1 256 1 64
1 7 
0 
BPpipeexp6 1 1 9.99999984307e+17 -9.99999984307e+17 0 2 1 256 1 64
1 6 
0 
BPpipeexp9 1 1 9.99999984307e+17 -9.99999984307e+17 0 2 1 256 1 64
1 9 
0 
BPpipepage 7 1 32767 0 0 2 1 256 1 64
1 1 
0 
BPpipeexportexp 2 2 8 0 0 2 1 256 1 64
1 "5"
0 
BPpipenexp 7 1 32767 0 0 2 1 0 1 64
1 1 
0 
BPpipeprocinfo 2 2 8 0 0 2 1 256 1 64
1 ""
0 
BPpipeproc 1 1 9.99999984307e+17 -9.99999984307e+17 0 2 1 256 1 64
1 1 
0 
BPpiperegion 4 2 4 0 0 2 1 0 1 64
1 "n"
0 
STUD 2 2 8 0 0 2 1 0 1 64
1 "n"
0 
H1reffrq 1 1 9.99999984307e+17 -9.99999984307e+17 0 2 1 0 1 64
1 599.705798143 
0 
Crefoc_r 4 2 4 0 0 2 1 0 1 64
1 "n"
0 
COrefoc 4 2 4 0 0 2 1 0 1 64
1 "y"
0 
BPpipevjproc 4 2 4 0 0 2 1 0 1 64
1 "n"
0 
BPpipevjdisp 4 2 4 0 0 2 1 256 1 64
1 "n"
0 
CH2only 4 2 4 0 0 2 1 0 1 64
1 "n"
0 
CTdelay 3 1 14 14 14 2 1 8192 1 64
1 0.054 
0 
CT 4 2 4 0 0 2 1 0 1 64
1 "n"
0 
Crefoc_l 4 2 4 0 0 2 1 0 1 64
1 "n"
0 
Gmapname 2 2 8 0 0 2 1 1 1 64
1 ""
0 
Gmap 2 2 8 0 0 2 1 1 1 64
1 "no"
0 
PFGflg 4 2 4 0 0 2 1 0 1 64
1 "n"
0 
MRC 4 2 4 0 0 2 1 0 1 64
1 "n"
0 
Jmin 1 1 9.99999984307e+17 -9.99999984307e+17 0 2 1 0 1 64
1 110 
0 
Jmax 1 1 9.99999984307e+17 -9.99999984307e+17 0 2 1 0 1 64
1 160 
0 
N15 2 2 8 0 0 2 1 0 1 64
1 "dg2"
0 
MinSW 2 2 8 0 0 3 1 0 1 64
1 "off"
4 "off" "auto" "manual" "skip" 
N15refoc 4 2 4 0 0 2 1 0 1 64
1 "y"
0 
SE 4 2 4 0 0 2 1 0 1 64
1 "n"
0 
RMScurrentlimit 1 1 9.99999984307e+17 -9.99999984307e+17 0 2 1 0 1 64
1 0 
0 
REQexp 2 2 8 0 0 4 1 256 1 64
2 ""
"ignore"
0 
SPARSE 4 2 4 0 0 2 1 0 1 64
1 "n"
0 
acqstatus 7 1 32767 0 0 2 1 256 1 64
2 101 18 
0 
ZZ 4 2 4 0 0 2 1 0 1 64
1 "y"
0 
T1rho 4 2 4 0 0 2 1 0 1 64
1 "n"
0 
T1 4 2 4 0 0 2 1 0 1 64
1 "n"
0 
T2 4 2 4 0 0 2 1 0 1 64
1 "n"
0 
acqdim 7 1 1000000000 -1000000000 0 2 1 0 1 64
1 2 
0 
acqcycles 1 1 9.99999984307e+17 -9.99999984307e+17 0 2 1 0 1 64
1 200 
0 
acqpath 2 2 8 0 0 2 1 0 1 64
1 ""
0 
age 1 1 9.9e+17 0 0.001 3 1 0 1 64
1 0 
0 
adir2tmplt 2 2 8 0 0 2 1 0 1 64
1 ""
0 
actionid 2 2 8 0 0 2 1 0 1 64
1 "null"
0 
adirtmplt 2 2 8 0 0 2 1 0 1 64
1 ""
0 
alfa 6 1 8192 -8192 0.1 2 1 2 1 64
1 5.5 
0 
aig 2 2 2 0 0 4 1 1 1 64
1 "ai"
2 "nm" "ai" 
aliph 4 2 4 0 0 2 1 0 1 64
1 "y"
0 
compD 1 1 9.99999984307e+17 -9.99999984307e+17 0 2 1 0 1 64
1 1 
0 
awc2 1 1 1 -1 0.001 3 1 1 0 64
1 0 
0 
at 1 1 14 14 14 2 1 8203 1 64
1 0.08 
0 
apptype 2 2 8 0 0 2 1 1 1 64
1 "gChsqc"
0 
ampmode 2 2 8 0 0 2 1 0 1 64
1 "dddp"
0 
alphaC 4 2 4 0 0 2 1 0 1 64
1 "n"
0 
alock 2 2 8 0 0 2 1 0 1 64
1 "n"
5 "a" "n" "s" "u" "y" 
altgrad 4 2 4 0 0 2 1 0 1 64
1 "n"
0 
ap 2 2 1023 0 0 4 1 6 1 64
1 "1:ACQUISITION H1:sfrq:3,at:3,np,sw:1,bs,ss,tpwr,compH:2,pw:1,d1:3,lambda:4,tCH:4,tof:1,nt,ct,gain;1:SAMPLE:date,file,solvent,temp:1;1:C13:dfrq:3,dof,pwClvl,compC:2,pwC:2,pwC10:1,STUD,dm,dmm,dmf,dpwr,dseq,dres:1;1:OPTIONS:ZZ,SE,allC,aliph,alphaC,arom,COrefoc,Crefoc_r,Crefoc_l,CH2only;1:N15 PULSES:N15refoc,dfrq2:3,dof2,pwN:1,pwNlvl,compN:2,dpwr2,dm2,dmm2,dmf2;1:RELAXATION:T1,T1rho,relaxT:3,maxrelaxT:3;2(seqfil='gChsqcA'):PBOX:autocal,checkofs;2:2D PARAMETERS 13C:d2:4,sw1:1,ni,f1180,phase;2:GRADIENTS:mag_flg,gstab:6,gzcal(mag_flg):6,gt1:4,gzlvl1,gzlvl2,gzlvl0,gt0:4,gzlvl3,gt3:4,gzlvl4,gt4:4,gzlvl5,gt5:4,gzlvl6,gt6:4;2:FLAGS ETC:dp,hs,il,,werr,wbs,wnt,wexp;2:DISPLAY:sp:1,wp:1,vs,sc,wc,hzmm:2,is:2,rfl:1,rfp:1,th,ins:3,aig*,dcg*,dmg*;2:2D DISPLAY:sp1:1,wp1:1,sc2,wc2,rfl1:1,rfp1:1;2:PROCESSING:lb(lb):2,sb(sb):3,sbs(sb):3,gf(gf):3,gfs(gf):3,fn,math;2:2D PROCESSING:lb1(lb1):3,sb1(sb1):3,sbs1(sb1):3,gf1(gf1):3,gfs1(gf1):3,fn1;"
0 
anatomy 2 2 8 0 0 2 1 0 1 64
1 "head"
0 
array 2 2 256 0 0 2 1 1 1 64
1 "phase"
0 
arom 4 2 4 0 0 2 1 0 1 64
1 "n"
0 
archivedir 2 2 8 0 0 2 1 0 1 64
1 ""
0 
arrayelemts 1 1 9.99999984307e+17 -9.99999984307e+17 0 2 1 0 1 64
1 2 
0 
arraydim 7 1 32768 1 1 2 1 5 1 64
1 200 
0 
awc 1 1 1 -1 0.001 3 1 1 0 64
1 0 
0 
autocal 2 2 8 0 0 2 1 0 1 64
1 "n"
0 
avwdir 2 2 8 0 0 3 1 0 1 64
1 ""
0 
awc1 1 1 1 -1 0.001 3 1 1 0 64
1 0 
0 
c13reff3 1 1 9.99999984307e+17 -9.99999984307e+17 0 2 1 0 1 64
1 0 
0 
bs 7 1 32767 0 1 2 1 0 0 64
1 1 
0 
birthday 2 2 8 0 0 3 1 0 1 64
4 ""
""
""
""
0 
axisf 4 2 4 0 0 4 1 0 1 64
1 "s"
4 "m" "n" "s" "u" 
axis 4 2 4 0 0 4 1 0 1 64
1 "pd"
11 "c" "d" "1" "2" "3" "h" "k" "m" "n" "p" "u" 
b0delay 6 1 13 13 13 2 1 8192 1 64
1 0 
0 
boresize 1 1 9.99999984307e+17 -9.99999984307e+17 0 2 1 0 1 64
1 51 
0 
c13reff1 1 1 9.99999984307e+17 -9.99999984307e+17 0 2 1 0 1 64
1 0 
0 
c13reff2 1 1 9.99999984307e+17 -9.99999984307e+17 0 2 1 0 1 64
1 0 
0 
celem 1 1 9.99999984307e+17 -9.99999984307e+17 0 2 1 0 1 64
1 200 
0 
calC 1 1 9.99999984307e+17 -9.99999984307e+17 0 2 1 0 1 64
1 1 
0 
cal 1 1 9.99999984307e+17 -9.99999984307e+17 0 2 1 0 1 64
1 4.2 
0 
calN 1 1 9.99999984307e+17 -9.99999984307e+17 0 2 1 0 1 64
1 1 
0 
calH 1 1 9.99999984307e+17 -9.99999984307e+17 0 2 1 0 1 64
1 1 
0 
checkofs 2 2 8 0 0 2 1 0 1 64
1 "n"
0 
cf 7 1 32767 0 1 3 1 1 0 64
1 1 
0 
comment 2 2 8 0 0 3 1 0 1 64
1 ""
0 
compC 1 1 9.99999984307e+17 -9.99999984307e+17 0 2 1 0 1 64
1 1.059 
0 
customflag 4 2 4 0 0 4 1 0 1 64
1 "n"
0 
cr 1 1 1000000000 -1000000000 0 4 4 1 1 64
1 1878.9687271 
0 
concentration 1 1 9.99e+17 -9.99e+17 0 2 1 0 1 64
1 0 
0 
compN 1 1 9.99999984307e+17 -9.99999984307e+17 0 2 1 0 1 64
1 0.986 
0 
compH 1 1 9.99999984307e+17 -9.99999984307e+17 0 2 1 0 1 64
1 1.071 
0 
cp 2 2 1 0 0 2 1 0 1 64
1 "y"
2 "y" "n" 
console 2 2 8 0 0 2 1 0 1 64
1 "inova"
0 
cppauseflg 4 2 4 0 0 4 1 0 1 64
1 "n"
0 
ct 7 1 1000000000 0 1 2 1 6 1 64
1 8 
0 
cr2 1 1 9.99999984307e+17 -9.99999984307e+17 0 4 1 0 1 64
1 7783.91693696 
0 
cr1 1 1 1000000000 -1000000000 0 4 5 3 1 64
1 7867.33840609 
0 
crf 1 1 9.99999984307e+17 -9.99999984307e+17 0 4 1 0 1 64
1 0 
0 
currentlimit 1 1 9.99999984307e+17 -9.99999984307e+17 0 2 1 0 1 64
1 0 
0 
date 2 2 9 0 0 2 1 1 1 64
1 "Mar 10 2016"
0 
d3 3 1 14 14 14 2 1 8194 1 64
1 0 
0 
d1 3 1 14 14 14 2 1 8194 1 64
1 1 
0 
cutoff 1 1 9.99999984307e+17 -9.99999984307e+17 0 4 1 0 0 64
1 200 
0 
d2 3 1 14 14 14 2 1 8194 1 64
1 0 
0 
dataID 2 2 8 0 0 2 1 0 1 64
1 ""
0 
d4 3 1 14 14 14 2 1 8192 1 64
1 0 
0 
dataid 2 2 8 0 0 3 1 0 1 64
1 ""
0 
ddrpm 2 2 8 0 0 2 1 0 1 64
1 ""
0 
dcg 2 2 3 0 0 4 1 1 1 64
1 "cdc"
2 "dc" "cdc" 
datname 2 2 8 0 0 3 1 0 1 64
1 ""
0 
dcrmv 4 2 9.99999984307e+17 -9.99999984307e+17 0 4 1 0 1 64
1 "n"
2 "y" "n" 
ddrtc 6 1 13 13 13 2 1 8192 1 64
1 7 
0 
f2coef 2 2 8 0 0 3 1 1 1 64
1 "1 0 -1 0 0 -1 0 -1"
0 
dn 2 2 4 0 0 2 1 8 1 64
1 "C13"
0 
dmf 7 1 11 11 11 2 1 8194 1 64
1 31746 
0 
dglp 2 2 8 0 0 4 1 7 1 64
1 "1(lpfilt):LP:lpalg,lpopt,lpfilt:0,lpnupts:0,strtlp:0,lpext:0,strtext:0,,proc,ni,celem;2(lpfilt1):LP 1:lpalg1,lpopt1,lpfilt1:0,lpnupts1:0,strtlp1:0,lpext1:0,strtext1:0,,proc1;3(lpfilt2):LP 2:lpalg2,lpopt2,lpfilt2:0,lpnupts2:0,strtlp2:0,lpext2:0,strtext2:0,,proc2;4:LP OUTPUT:lpprint(lpfilt):0,lptrace(lpfilt):0,lpprint1(lpfilt1):0,lptrace1(lpfilt1):0,lpprint2(lpfilt2):0,lptrace2(lpfilt2):0;"
0 
deltaf 1 1 100 0 0 4 1 0 1 64
1 0 
0 
delta 1 1 500000 0 0 4 4 1 1 64
1 2696.6123961 
0 
decoupling 2 2 8 0 0 2 1 0 1 64
1 "dg2"
0 
dec3wave 2 2 8 0 0 2 1 0 1 64
1 "g"
0 
decwave 2 2 8 0 0 2 1 0 1 64
1 "g"
0 
delta1 1 1 500000 0 0 4 5 3 1 64
1 7050.42287844 
0 
delta2 1 1 9.99999984307e+17 -9.99999984307e+17 0 4 1 0 1 64
1 1598.37728195 
0 
dfrq3 1 1 1000000000 0 0 2 1 9 1 64
1 0 
0 
dfrq 5 1 1000000000 -1000000000 0 2 1 8 1 64
1 150.8014693 
0 
density 1 1 9.99999984307e+17 -9.99999984307e+17 0 2 1 0 1 64
1 1 
0 
dfrq2 1 1 1000000000 0 0 2 1 9 1 64
1 60.7747008 
0 
dg1 2 2 8 0 0 4 1 0 1 64
1 "1:DISPLAY:sp:1,wp:1,sp1(ni):1,wp1(ni):1,sp2(ni2):1,wp2(ni2):1;1:FID:sf:3,wf:3,vf:0;1:FLAGS:aig*,dcg*,pmode*(ni),dmg*,dmg1*(ni),dmg2*(ni2);1:PHASE:rp:1,lp:1,rp1:1,lp1:1,rp2:1,lp2:1;2:REFERENCING:rfl:1,rfp:1,cr:1,delta:1,,rfl1(ni):1,rfp1(ni):1,cr1(ni):1,delta1(ni):1,,rfl2(ni2):1,rfp2(ni2):1,cr2(ni2):1,delta2(ni2):1;3:CHART:sc:0,wc:0,sc2(ni):0,wc2(ni):0,,hzmm:2,vs:1,vp:1,th:1,ho:2,vo:2,axis,,pltmod,rplot;4(ni):DIMENSIONS:trace,plane(ni2);4:INTEGRAL:intmod,is:2,ins:3,io:0,,lvl:3,tlt:3;4(ni2):3D OPTIONS:fiddc3d,specdc3d,ptspec3d,ntype3d;"
0 
dg 2 2 1023 0 0 4 1 6 1 64
1 "1:ACQUISITION H1:sfrq:3,at:3,np:0,sw:1,bs(bx),ss,tpwr:0,pw:1,calH:2,d1:3,tof:1,nt:0,ct:0,gain:0;1(seqfil='gChsqcA'):PBOX:autocal,checkofs;2:C13 RF:dfrq:5,dof:0,pwClvl:0,compC:2,pwC:2,calC:2,STUD,other,decoupling,;2:C13 DIMENSION:d2(d2):6,sw1:1,ni,phase,f1180;3:OPTIONS:ZZ,SE,CT(CT),CTdelay(CT):3,aliph,alphaC,arom,allC,COrefoc,Crefoc_r,Crefoc_l,CH2only,CT,tCH:5,T1,T1rho,T2(T2),relaxT:3,maxrelaxT:3;4:SELECTION:gt1:5,gstab:6,gzlvl1:0,gzlvl2:0,mag_flg,gzcal(mag_flg):6;4:SAMPLE:date,solvent,temp:1,;4:FOR INFORMATION:sequence,processing,linearpred,N15;"
0 
dg2 2 2 1023 0 0 4 1 7 1 64
1 "1:CHANNEL 2:dfrq:3,dn,dpwr:0,dof:1,dm,dmm,dmf,dseq,dres:1,;1:C13 SLP PULSES:pwC10:2;2:CHANNEL 3:dfrq2:3,dn2,pwN:1,pwNlvl:0,compN:2,dof2:1,dm2,dmm2,dpwr2:0,N15refoc,;2:PULSE SEQ DELAYS:lambda:4,tCH:4;3(dm3='nyn'):CHANNEL 4:dfrq3:3,dn3,dpwr3,dof3:1,dm3,dmm3,dmf3,dseq3,dres3:1;4:GRADIENTS:gzlvl1:0,gzlvl2:0,gt1:5,,gzlvl0:0,gt0:5,gzlvl3:0,gt3:5,gzlvl4:0,gt4:5,gzlvl5:0,gt5:5,gzlvl6:0;"
0 
displaymode 4 2 9.99999984307e+17 -9.99999984307e+17 0 4 1 0 1 64
1 "r"
6 "r" "i" "a" "e" "z" "s" 
dhp 1 1 9 9 9 2 1 8192 0 64
1 40 
0 
dgs 2 2 1023 0 0 4 1 6 1 64
5 "1:AXIAL SHIMS:z1:0,z2:0,z3:0,z4:0,z5:0,z6:0,z7:0;"
"2:NON AXIAL SHIMS:x1:0,y1:0,xz:0,yz:0,xy:0,x2y2:0,x3:0,y3:0,xz2:0,yz2:0,zxy:0,zx2y2:0,z3x:0,z3y:0;"
"3:NON AXIAL SHIMS:z2x2y2:0,z2xy:0,zx3:0,zy3:0,z4x:0,z4y:0;"
"4:AUTOMATION:method,wshim,load,,spin:0,gain:0,alock,loc:0;"
"4:SPECIAL:temp;"
0 
dgp 2 2 8 0 0 4 1 0 1 64
1 "1:DOWNSAMPLE:downsamp,dscoef,dsfb,dslsfrq,filtfile;1:OVERSAMPLE:oversamp,oscoef,osfb,oslsfrq,osfilt;1:CONDITIONAL:werr,wexp,wbs,wnt;2:WEIGHT:lb:3,sb:3,sbs(sb):3,gf:3,gfs(gf):3,awc:3,ssfilter,ssntaps,ssorder,sslsfrq:1;2:PROCESS:cf(nf),lsfid,phfid:1,lsfrq:1,proc,fn,rp:1,lp:1;3(ni):WEIGHT 1:lb1:3,sb1:3,sbs1(sb1):3,gf1:3,gfs1(gf1):3,awc1:3,wtfile1;3(ni):PROCESS 1:phfid1:1,lsfid1,lsfrq1:1,proc1,f1coef,fn1,rp1:1,lp1:1;4(ni2):WEIGHT 2:lb2:3,sb2:3,sbs2(sb2):3,gf2:3,gfs2(gf2):3,awc2:3,wtfile2;4(ni2):PROCESS 2:phfid2:1,lsfrq2:1,proc2,f2coef,fn2,rp2:1,lp2:1;"
0 
dimension 2 2 8 0 0 2 1 0 1 64
1 "C13 H1"
0 
disCmd 2 2 8 0 0 4 1 0 1 64
1 ""
0 
dm2 4 2 4 0 0 2 1 0 1 64
1 "nnn"
4 "a" "n" "s" "y" 
dm 4 2 4 0 0 2 1 0 1 64
1 "nny"
4 "a" "n" "s" "y" 
dlp 7 1 10 10 10 2 1 8194 0 64
1 10 
0 
dm3 4 2 4 0 0 2 1 0 1 64
1 "nnn"
4 "a" "n" "s" "y" 
dmf80 1 1 9.99999984307e+17 -9.99999984307e+17 0 2 1 0 1 64
1 896.1 
0 
dmf3 7 1 2000000 1 0 2 1 2 1 64
1 4000 
0 
dmf140 1 1 9.99999984307e+17 -9.99999984307e+17 0 2 1 0 1 64
1 731 
0 
dmf2 7 1 100000 1 0 2 1 2 1 64
1 10989 
0 
dmf30 1 1 9.99999984307e+17 -9.99999984307e+17 0 2 1 0 1 64
1 1262.6 
0 
dmm 4 2 4 0 0 2 1 0 1 64
1 "ccp"
9 "c" "f" "g" "m" "p" "r" "u" "w" "x" 
dmg 2 2 2 0 0 4 1 3 1 64
1 "ph"
0 
dmg1 2 2 8 0 0 4 1 0 1 64
1 "ph1"
4 "" "av1" "ph1" "pwr1" 
dmm2 2 2 8 0 0 2 1 0 1 64
1 "ccp"
0 
dmm3 4 2 4 0 0 2 1 0 1 64
1 "cwc"
9 "c" "f" "g" "m" "p" "r" "u" "w" "x" 
dreffrq2 1 1 9.99999984307e+17 -9.99999984307e+17 0 2 1 0 1 64
1 60.7676607848 
0 
downsamp 7 1 999 1 1 3 1 1 0 64
1 0 
0 
dnref 2 2 8 0 0 4 1 1 1 64
1 ""
0 
dn3 2 2 8 0 0 2 1 8 1 64
1 ""
0 
dn2ref 2 2 8 0 0 4 1 1 1 64
1 ""
0 
dn2 2 2 8 0 0 2 1 8 1 64
1 "N15"
0 
dn2shapes 2 2 8 0 0 2 1 256 1 64
3 ""
""
""
0 
dn3shapes 2 2 8 0 0 2 1 256 1 64
3 ""
""
""
0 
dn3ref 2 2 8 0 0 4 1 1 1 64
1 ""
0 
dn4ref 2 2 8 0 0 4 1 1 1 64
1 ""
0 
dof 5 1 8 8 8 2 1 8202 1 64
1 -8965 
0 
dod 3 1 14 14 14 2 1 8194 1 64
1 0.00999999977648 
0 
dnshapes 2 2 8 0 0 2 1 256 1 64
3 ""
""
""
0 
dof3 5 1 20 20 20 2 1 8202 1 64
1 -262.3 
0 
dof2 5 1 1000000000 -1000000000 0 2 1 8 1 64
1 1084.5 
0 
dotflag 2 2 8 0 0 4 1 0 1 64
1 "n"
2 "n" "y" 
dpwr2 1 1 18 18 18 2 1 8194 1 64
1 41 
0 
dpwr 1 1 9 9 9 2 1 8194 1 64
1 42 
0 
dp 2 2 1 0 0 2 1 0 1 64
1 "y"
2 "y" "n" 
dpwr1 7 1 32767 0 0 2 1 0 1 64
1 41 
0 
dreffrq 1 1 9.99999984307e+17 -9.99999984307e+17 0 2 1 0 1 64
1 150.795741081 
0 
dpwr3 1 1 21 21 21 2 1 8194 1 64
1 52 
0 
dutyc 1 1 9.99999984307e+17 -9.99999984307e+17 0 2 1 0 1 64
1 0.1 
0 
dseq2 2 2 8 0 0 2 1 0 1 64
1 "wurst40N"
0 
dres2 7 1 360 1 0 2 1 0 1 64
1 9 
0 
dres 7 1 360 1 0 2 1 0 1 64
1 9 
0 
dreffrq3 1 1 9.99999984307e+17 -9.99999984307e+17 0 2 1 0 1 64
1 0 
0 
dscoef 7 1 49999 3 2 3 1 1 1 64
1 251 
0 
dres3 7 1 360 1 0 2 1 0 1 64
1 1 
0 
dseq 2 2 8 0 0 2 1 0 1 64
1 "wurst140"
0 
dsfb 1 1 9.99999984307e+17 -9.99999984307e+17 0 3 1 1 0 64
1 0 
0 
dseq3 2 2 8 0 0 2 1 0 1 64
1 "garp1"
0 
dslsfrq 1 1 9.99999984307e+17 -9.99999984307e+17 0 3 1 1 0 64
1 0 
0 
explist 2 2 8 0 0 2 1 256 1 64
1 ""
0 
emailwhen 2 2 8 0 0 2 1 0 1 64
1 ""
0 
emailaddr 2 2 8 0 0 4 1 0 1 64
1 ""
0 
eOptions 2 2 8 0 0 4 1 264 1 64
1 ""
0 
empty_noise 1 1 9.99999984307e+17 -9.99999984307e+17 0 2 1 0 1 64
1 0 
0 
emessage 4 2 4 0 0 2 1 0 1 64
1 "n"
0 
explabel 2 2 8 0 0 2 1 0 1 64
1 "gChsqc"
0 
f1SW 2 2 8 0 0 2 1 1 1 64
1 ""
0 
exppath 2 2 8 0 0 2 1 0 1 64
1 "/home/group/vnmrsys/exp206/acqfil"
0 
f1180 4 2 4 0 0 2 1 0 1 64
1 "n"
0 
f2180 4 2 4 0 0 2 1 0 1 64
1 "n"
0 
f1coef 2 2 8 0 0 3 1 1 1 64
1 ""
0 
f2SW 2 2 8 0 0 2 1 1 1 64
1 ""
0 
gfs1 1 1 1000 -1000 0.001 3 1 1 0 64
1 0 
0 
fpmult 1 1 1000000000 0 0 3 1 0 1 64
1 0.5 
0 
file 2 2 6 0 0 2 1 3 1 64
1 "exp"
0 
fdffile 2 2 8 0 0 3 1 0 1 64
1 ""
0 
fb 7 1 6 6 6 2 1 8203 1 64
1 7000 
0 
faculty 2 2 8 0 0 2 1 0 1 64
1 ""
0 
fdfdir 2 2 8 0 0 3 1 0 1 64
1 ""
0 
fiddc3d 4 2 4 0 0 3 1 0 1 64
1 "nnn"
0 
fidID 2 2 8 0 0 2 1 0 1 64
1 ""
0 
fidid 2 2 8 0 0 2 1 0 1 64
1 ""
0 
fn 7 1 524288 64 -2 3 1 1 1 64
1 16384 
0 
filtfile 2 2 8 0 0 2 1 0 1 64
1 ""
0 
filter 7 1 1000000000 0 1 2 1 2 1 64
1 54.0999984741 
0 
fn2 7 1 524288 64 -2 3 1 1 1 64
1 256 
0 
fn1 7 1 524288 64 -2 3 1 1 1 64
1 1024 
0 
fnsv 3 1 14 14 14 2 1 8192 1 64
1 1024 
0 
gcoil 2 2 8 0 0 2 1 9 1 64
1 "None"
0 
ftproc 1 1 9.99999984307e+17 -9.99999984307e+17 0 3 1 256 1 64
2 1 0 
0 
fpmult2 1 1 1000000000 0 0 3 1 0 0 64
1 0 
0 
fpmult1 1 1 1000000000 0 0 3 2 0 1 64
1 0.5 
0 
fsqd 4 2 4 0 0 2 1 0 1 64
1 "n"
0 
gain 1 1 60 0 2 2 1 0 1 64
1 24 
0 
fzoom 7 1 32767 0 0 4 1 0 1 64
1 0 
0 
gap 1 1 9.99999984307e+17 -9.99999984307e+17 0 2 1 0 1 64
1 0 
0 
gf2 1 1 100000 0 0 3 1 1 0 64
1 0 
0 
gf 1 1 100000 0 0 3 1 1 0 64
1 0.022 
0 
gender 2 2 8 0 0 3 1 0 1 64
1 ""
0 
gf1 1 1 100000 0 0 3 1 1 0 64
1 0.0155562773002 
0 
gfs 1 1 1000 -1000 0.001 3 1 1 0 64
1 0 
0 
gtotlimit 1 1 9.99999984307e+17 -9.99999984307e+17 0 2 1 0 1 64
1 95 
0 
gt0 3 1 14 14 14 2 1 8192 1 64
1 0.0005 
0 
go_id 2 2 8 0 0 2 1 7 1 64
1 "exp206.group.riesling_1457625410_092239"
0 
gmax 1 1 9.99999984307e+17 -9.99999984307e+17 0 2 1 0 1 64
1 0 
0 
gfs2 1 1 1000 -1000 0.001 3 1 1 0 64
1 0 
0 
go_Options 2 2 8 0 0 2 1 7 1 64
1 "go"
0 
gpropdelay 6 1 13 13 13 2 1 8192 1 64
1 0 
0 
gstab 3 1 14 14 14 2 1 8192 1 64
1 0.0003 
0 
gt5 3 1 14 14 14 2 1 8192 1 64
1 0.0005 
0 
gt3 3 1 14 14 14 2 1 8192 1 64
1 0.001 
0 
gt1 3 1 14 14 14 2 1 8192 1 64
1 0.002 
0 
gt4 3 1 14 14 14 2 1 8192 1 64
1 0.0005 
0 
gt7 3 1 14 14 14 2 1 8192 1 64
1 0.001 
0 
gt6 3 1 14 14 14 2 1 8192 1 64
1 0.0005 
0 
gt8 3 1 14 14 14 2 1 8192 1 64
1 0.001 
0 
gzdelay 6 1 13 13 13 2 1 8192 1 64
1 0 
0 
gydelay 6 1 13 13 13 2 1 8192 1 64
1 0 
0 
gxmax 1 1 9.99999984307e+17 -9.99999984307e+17 0 2 1 0 1 64
1 0 
0 
gxdelay 6 1 13 13 13 2 1 8192 1 64
1 0 
0 
gxppars 2 2 8 0 0 2 1 0 1 64
1 ""
0 
gymax 1 1 9.99999984307e+17 -9.99999984307e+17 0 2 1 0 1 64
1 0 
0 
gzcal 1 1 9.99999984307e+17 -9.99999984307e+17 0 2 1 0 1 64
1 0.001774 
0 
gzlvl3 1 1 9.99999984307e+17 -9.99999984307e+17 0 2 1 0 1 64
1 11000 
0 
gzlvl1 1 1 32000 -32000 0 2 1 0 1 64
1 15000 
0 
gzlvl0 1 1 9.99999984307e+17 -9.99999984307e+17 0 2 1 0 1 64
1 -2766 
0 
gzlvl2 1 1 32000 -32000 0 2 1 0 1 64
1 14985 
0 
gzlvl5 1 1 9.99999984307e+17 -9.99999984307e+17 0 2 1 0 1 64
1 3189 
0 
gzlvl4 1 1 9.99999984307e+17 -9.99999984307e+17 0 2 1 0 1 64
1 8000 
0 
pro 1 1 9.99999984307e+17 -9.99999984307e+17 0 2 1 0 1 64
1 0 
0 
lpprint 7 1 63 0 1 3 1 0 1 64
1 0 
0 
locdir 2 2 8 0 0 2 1 0 1 64
1 ""
0 
ins2 1 1 9.99999984307e+17 -9.99999984307e+17 0 4 1 0 1 64
1 1 
0 
ho 1 1 500 -500 0 4 1 1 1 64
1 0 
0 
h1reff3 1 1 9.99999984307e+17 -9.99999984307e+17 0 2 1 0 1 64
1 0 
0 
gzsize 1 1 9.99999984307e+17 -9.99999984307e+17 0 2 1 0 1 64
1 0 
0 
gzlvl8 1 1 9.99999984307e+17 -9.99999984307e+17 0 2 1 0 1 64
1 2643 
0 
gzlvl7 1 1 9.99999984307e+17 -9.99999984307e+17 0 2 1 0 1 64
1 4894 
0 
gzmax 1 1 9.99999984307e+17 -9.99999984307e+17 0 2 1 0 1 64
1 0 
0 
h1reff1 1 1 9.99999984307e+17 -9.99999984307e+17 0 2 1 0 1 64
1 0 
0 
gzwin 1 1 9.99999984307e+17 -9.99999984307e+17 0 2 1 0 1 64
1 0 
0 
h1reff2 1 1 9.99999984307e+17 -9.99999984307e+17 0 2 1 0 1 64
1 0 
0 
hdpwrf 1 1 9.99999984307e+17 -9.99999984307e+17 0 2 1 0 1 64
1 4095 
0 
hdof 5 1 1000000000 -1000000000 0 2 1 0 1 64
1 0 
0 
hdmf 1 1 9.99999984307e+17 -9.99999984307e+17 0 2 1 0 1 64
1 1000 
0 
hdpwr 1 1 9.99999984307e+17 -9.99999984307e+17 0 2 1 0 1 64
1 0 
0 
hdseq 2 2 8 0 0 2 1 0 1 64
1 ""
0 
hdres 1 1 9.99999984307e+17 -9.99999984307e+17 0 2 1 0 1 64
1 0.9 
0 
height 1 1 9.9e+17 0 0.001 3 1 0 1 64
1 0 
0 
hst 3 1 0.02 0 2.5e-08 2 1 2 1 64
1 0.00800000037998 
0 
homorof1 6 1 13 13 13 2 1 8192 1 64
1 2 
0 
homo2 4 2 4 0 0 2 1 0 1 64
1 "n"
2 "n" "y" 
homo 2 2 8 0 0 2 1 8 1 64
1 "n"
2 "n" "y" 
homo3 4 2 4 0 0 2 1 0 1 64
1 "n"
2 "n" "y" 
homorof3 6 1 13 13 13 2 1 8192 1 64
1 2 
0 
homorof2 6 1 13 13 13 2 1 8192 1 64
1 2 
0 
hs 4 2 4 0 0 2 1 0 1 64
1 "n"
2 "n" "y" 
il 2 2 1 0 0 2 1 0 1 64
1 "n"
2 "y" "n" 
ident 2 2 8 0 0 3 1 0 1 64
1 ""
0 
hzmm 1 1 1000000000 -1000000000 0 4 1 11 1 64
1 41.4543088593 
0 
ins 3 1 8190 0 1e-07 4 1 3 1 64
1 1 
0 
in 4 2 1 0 0 2 1 0 1 64
1 "n"
3 "n" "w" "y" 
jch 5 1 1000000000 -1000000000 0 2 1 0 1 64
1 143 
0 
investigator_ 2 2 8 0 0 2 1 0 1 64
1 ""
0 
intstd 2 2 8 0 0 2 1 0 1 64
1 ""
0 
insref 1 1 9.99999984307e+17 -9.99999984307e+17 0 4 1 0 1 64
1 1 
0 
ins2ref 1 1 9.99999984307e+17 -9.99999984307e+17 0 4 1 0 1 64
1 1 
0 
intmod 2 2 8 0 0 4 1 0 1 64
1 "off"
3 "off" "partial" "full" 
investigator 2 2 8 0 0 2 1 0 1 64
1 ""
0 
iplanType 1 1 9.99999984307e+17 -9.99999984307e+17 0 2 1 0 1 64
1 0 
0 
io 1 1 500 -500 0.1 4 1 1 1 64
1 48.5981284588 
0 
iplanDefaultType 1 1 9.99999984307e+17 -9.99999984307e+17 0 2 1 0 1 64
1 0 
0 
is 1 1 1000000000 1e-06 0 4 1 3 1 64
1 1389.14834886 
0 
iswt 1 1 9.99999984307e+17 -9.99999984307e+17 0 2 1 0 1 64
1 0 
0 
liamp 1 1 1000000000 0 0 4 1 0 0 64
2 0 0.284041017294 
0 
lb 1 1 100000 -100000 0 3 1 1 0 64
1 1 
0 
lambda 3 1 14 14 14 2 1 8192 1 64
1 0.0016 
0 
jnch 5 1 1000000000 -1000000000 0 2 1 0 1 64
1 7.5 
0 
layout 2 2 8 0 0 4 1 0 1 64
1 "gChsqc"
0 
lb2 1 1 100000 -100000 0 3 1 1 0 64
1 1 
0 
lb1 1 1 100000 -100000 0 3 1 1 0 64
1 12 
0 
lcpeak_ 7 1 32767 0 0 2 1 32768 1 64
1 0 
0 
llamp 1 1 1000000000 0 0 4 1 0 0 64
22 0.00014342443319 0.00015805986186 0.000155893620104 0.000143068828038 9.80560216703e-05 0.000247148098424 0.000115748611279 0.00021719103097 0.000294588360703 0.000209454883588 0.000243093993049 0.000100878074591 0.000163626493304 0.000276182516245 9.63944839896e-05 0.000209003395867 0.000212154525798 8.81309242686e-05 0.000169054997968 0.000176181143615 0.000132884364575 0.000143727578688 
0 
linearpred 2 2 8 0 0 2 1 0 1 64
1 "dglp"
0 
lifrq 1 1 1000000000 -1000000000 0 4 1 0 0 64
1 0 
0 
load 2 2 4 0 0 2 1 3 1 64
1 "n"
2 "y" "n" 
llfrq 1 1 1000000000 -1000000000 0 4 1 0 0 64
22 4488.83002471 4483.9466152 4481.01656949 4477.10984188 4323.77078316 3533.63512389 3500.4279392 3465.2673907 3451.59384407 3429.1301603 3407.64315845 3382.24942898 3316.8117415 3283.60455681 3267.97764636 3256.25746353 3244.5372807 3224.02696074 3199.60991317 3195.70318556 3188.86641225 2758.14969316 
0 
loc_ 7 1 12 12 12 2 1 8201 0 64
1 0 
0 
lpe 1 1 9.99999984307e+17 -9.99999984307e+17 0 2 1 0 1 64
1 0 
0 
lot 2 2 8 0 0 2 1 0 1 64
1 ""
0 
lockpower_ 1 1 68 0 1 2 1 65552 1 64
1 63 
0 
lockgain_ 1 1 48 0 1 2 1 65552 1 64
1 46 
0 
lockfreq_ 5 1 160 0 1e-07 2 1 9 1 64
1 92.0589186 
0 
lockphase_ 1 1 360 0 1 2 1 65552 1 64
1 332 
0 
longlist 2 2 8 0 0 2 1 256 1 64
1 ""
0 
lp2 1 1 3600 -3600 0.1 4 1 3 1 64
1 0 
0 
lp 1 1 3600 -3600 0.1 4 1 3 1 64
1 0 
0 
lp1 1 1 3600 -3600 0.1 4 1 3 1 64
1 0 
0 
lpalg1 2 2 8 0 0 3 1 0 1 64
1 "lpfft"
0 
lpalg 2 2 8 0 0 3 1 0 1 64
1 "lpfft"
0 
lpalg2 2 2 8 0 0 3 1 0 1 64
1 "lpfft"
0 
lpjf 1 1 9.99999984307e+17 -9.99999984307e+17 0 2 1 0 1 64
1 1 
0 
lpext2 7 1 1000000 0 1 3 1 0 1 64
1 96 
0 
lpext 7 1 1000000 0 1 3 1 0 1 64
1 1 
0 
lpe2 1 1 9.99999984307e+17 -9.99999984307e+17 0 2 1 0 1 64
1 0 
0 
lpext1 7 1 1000000 0 1 3 1 0 1 64
1 100 
0 
lpfilt1 7 1 32767 1 1 3 1 0 1 64
1 8 
0 
lpfilt 7 1 32767 1 1 3 1 0 1 64
1 32 
0 
lpfilt2 7 1 32767 1 1 3 1 0 1 64
1 8 
0 
lpnupts2 7 1 1000000 1 1 3 1 0 1 64
1 32 
0 
lpnupts1 7 1 1000000 1 1 3 1 0 1 64
1 100 
0 
lpnupts 7 1 1000000 1 1 3 1 0 1 64
1 64 
0 
lpopt1 2 2 8 0 0 3 1 0 1 64
1 "f"
0 
lpopt 2 2 8 0 0 3 1 0 1 64
1 "b"
0 
lpopt2 2 2 8 0 0 3 1 0 1 64
1 "f"
0 
obscenterppm 1 1 9.99999984307e+17 -9.99999984307e+17 0 2 1 0 1 64
1 0 
0 
n15reff3 1 1 9.99999984307e+17 -9.99999984307e+17 0 2 1 0 1 64
1 0 
0 
lvl 1 1 1000000000 -1000000000 0 4 1 1 1 64
1 0 
0 
lro 1 1 9.99999984307e+17 -9.99999984307e+17 0 2 1 0 1 64
1 0 
0 
lptrace1 7 1 32767 0 1 3 1 0 1 64
1 0 
0 
lpprint2 7 1 63 0 1 3 1 0 1 64
1 0 
0 
lpprint1 7 1 63 0 1 3 1 0 1 64
1 0 
0 
lptrace 7 1 32767 0 1 3 1 0 1 64
1 0 
0 
lptrace2 7 1 32767 0 1 3 1 0 1 64
1 0 
0 
lsfid2 7 1 64000 -64000 1 3 1 0 0 64
1 0 
0 
lsfid 7 1 64000 -64000 1 3 1 0 0 64
1 0 
0 
lsfid1 1 1 9.99999984307e+17 -9.99999984307e+17 0 2 1 0 0 64
1 0 
0 
lsfrq1 1 1 9.99999984307e+17 -9.99999984307e+17 0 3 1 0 0 64
1 301.7312968 
0 
lsfrq 1 1 9.99999984307e+17 -9.99999984307e+17 0 3 1 0 0 64
1 0 
0 
lsfrq2 1 1 9.99999984307e+17 -9.99999984307e+17 0 3 1 0 0 64
1 0 
0 
mrfb 1 1 256000 1000 1000 2 1 256 0 64
1 0 
0 
maxrelaxT 3 1 14 14 14 2 1 8192 1 64
1 0 
0 
mag_flg 4 2 4 0 0 2 1 0 1 64
1 "n"
0 
macro 2 2 6 0 0 4 1 3 1 64
1 ""
0 
math 2 2 1 0 0 3 1 3 1 64
1 "f"
3 "d" "f" "i" 
method 2 2 6 0 0 2 1 3 1 64
1 "z1z2"
0 
mboblpjf 1 1 9.99999984307e+17 -9.99999984307e+17 0 2 1 0 1 64
1 2 
0 
modules 2 2 8 0 0 2 1 1 1 64
1 ""
0 
n15reff1 1 1 9.99999984307e+17 -9.99999984307e+17 0 2 1 0 1 64
1 0 
0 
n1 2 2 6 0 0 4 1 3 1 64
1 ""
0 
mrgain 1 1 60 0 2 2 1 256 0 64
1 0 
0 
n15reff2 1 1 9.99999984307e+17 -9.99999984307e+17 0 2 1 0 1 64
1 0 
0 
notebook 2 2 8 0 0 2 1 0 1 64
1 ""
0 
name 2 2 8 0 0 3 1 0 1 64
1 ""
0 
n2 2 2 6 0 0 4 1 3 1 64
1 "n"
0 
n3 2 2 6 0 0 4 1 3 1 64
1 "MRC"
0 
newmodules 2 2 8 0 0 2 1 1 1 64
1 ""
0 
nameprefix 2 2 8 0 0 2 1 9 1 64
1 ""
0 
ni 7 1 32767 0 0 2 1 0 1 64
1 100 
0 
ns 1 1 9.99999984307e+17 -9.99999984307e+17 0 2 1 0 1 64
1 0 
0 
np 7 1 524288 32 2 2 1 11 1 64
1 1600 
0 
notebook_ 2 2 8 0 0 2 1 0 1 64
1 ""
0 
ntype3d 4 2 4 0 0 3 1 0 1 64
1 "nn"
0 
nt 7 1 1000000000 1 1 2 1 2 1 64
1 8 
0 
obsSW 2 2 8 0 0 2 1 1 1 64
1 ""
0 
phfid 1 1 3600 -3600 0.1 3 1 0 0 64
1 0 
0 
parlabel 2 2 8 0 0 2 1 5 1 64
1 ""
0 
oversamp 7 1 68 0 1 2 1 9 1 64
1 1 
0 
osfb 1 1 100000 0 0 2 1 1 0 64
1 0 
0 
orient 2 2 8 0 0 2 1 0 1 64
1 ""
0 
operator_ 2 2 128 0 0 2 1 4 1 64
1 "group"
0 
oscoef 7 1 49999 3 2 2 1 1 0 64
1 31 
0 
oslsfrq 1 1 9.99999984307e+17 -9.99999984307e+17 0 2 1 1 0 64
1 0 
0 
osfilt 2 2 8 0 0 2 1 0 1 64
1 "a"
5 "a" "A" "b" "B" "" 
other 2 2 8 0 0 2 1 0 1 64
1 ""
0 
pad 3 1 14 14 14 2 1 8194 1 64
1 0.5 
0 
p11console 2 2 8 0 0 2 1 0 1 64
1 ""
0 
p1 6 1 13 13 13 2 1 8192 1 64
1 0 
0 
page_ 2 2 8 0 0 2 1 0 1 64
1 ""
0 
page 2 2 8 0 0 2 1 0 1 64
1 ""
0 
paramChanged 1 1 9.99999984307e+17 -9.99999984307e+17 0 2 1 0 1 64
1 0 
0 
ph10 1 1 9.99999984307e+17 -9.99999984307e+17 0 2 1 0 1 64
1 332 
0 
parversion 1 1 9.99999984307e+17 -9.99999984307e+17 0 2 1 4 1 64
1 5.1 
0 
parstyle_ 2 2 8 0 0 4 1 0 1 64
1 "ppa"
0 
path3d 2 2 8 0 0 4 1 0 1 64
1 "/export/home/georgeg/vnmrsys/exp3/datadir3d"
0 
phase2 7 1 4 0 1 2 1 0 1 64
1 1 
0 
phase 1 1 1e+18 -1e+18 0 2 1 0 1 64
2 1 2 
0 
pos1 1 1 9.99999984307e+17 -9.99999984307e+17 0 2 1 0 1 64
1 0 
0 
plt2Darg 2 2 8 0 0 4 1 272 1 64
8 "pos"
"7"
"1.5"
"proj"
"proj"
""
""
""
0 
phi7cal 1 1 360 0 0 2 1 0 0 64
1 0 
0 
phfid2 1 1 3600 -3600 0.1 3 1 0 0 64
1 0 
0 
phfid1 1 1 3600 -3600 0.1 3 1 0 0 64
1 0 
0 
phi 1 1 9.99999984307e+17 -9.99999984307e+17 0 2 1 0 1 64
1 0 
0 
plane 2 2 8 0 0 4 1 0 1 64
1 "f1f3"
6 "f1f3" "f3f1" "f2f3" "f3f2" "f1f2" "f2f1" 
pkpick_ 2 2 8 0 0 4 1 0 1 64
1 "bpa"
0 
plocklist 2 2 8 0 0 2 1 1 1 64
1 ""
0 
pltopt 4 2 4 0 0 2 1 0 1 64
1 "y"
0 
pltmod 2 2 8 0 0 4 1 0 1 64
1 "off"
5 "off" "fixed" "full" "variable" "user" 
pmode 2 2 8 0 0 3 1 0 1 64
1 "full"
0 
ppe 1 1 9.99999984307e+17 -9.99999984307e+17 0 2 1 0 1 64
1 0 
0 
position2 2 2 8 0 0 3 1 0 1 64
1 ""
0 
pos3 1 1 9.99999984307e+17 -9.99999984307e+17 0 2 1 0 1 64
1 0 
0 
pos2 1 1 9.99999984307e+17 -9.99999984307e+17 0 2 1 0 1 64
1 0 
0 
position1 2 2 8 0 0 3 1 0 1 64
1 ""
0 
pp 6 1 13 13 13 2 1 8192 1 64
1 15 
0 
preacq 6 1 13 13 13 2 1 8192 0 64
1 0 
0 
pplvl_cf 1 1 9.99999984307e+17 -9.99999984307e+17 0 2 1 0 1 64
1 1 
0 
pplvl 1 1 9 9 9 2 1 8192 1 64
1 55 
0 
prcopt 4 2 4 0 0 2 1 0 1 64
1 "y"
0 
prescribed 2 2 8 0 0 2 1 0 1 64
1 "n"
0 
prescan 2 2 8 0 0 3 1 256 1 64
11 "Not done"
"Not done"
"off"
"off"
"off"
"off"
"off"
"on"
"on"
""
""
0 
priority 7 1 32768 0 1 2 1 0 1 64
1 5 
0 
sf 1 1 8190 0 1e-07 4 1 3 1 64
1 0 
0 
ref_pw90 1 1 9.99999984307e+17 -9.99999984307e+17 0 2 1 0 1 64
1 8.4 
0 
pwC7 6 1 13 13 13 2 1 8192 1 64
1 80.8 
0 
pss 1 1 9.99999984307e+17 -9.99999984307e+17 0 2 1 0 1 64
1 0 
0 
procdim 7 1 1000000000 -1000000000 0 3 1 0 1 64
1 2 
0 
proc 2 2 10 0 0 3 1 1 1 64
1 "ft"
0 
probetype_ 2 2 8 0 0 2 1 0 1 64
1 "liquids"
0 
probe_ 2 2 8 0 0 2 1 8 1 64
1 "CP_HCN_nosalt"
0 
proc2 2 2 8 0 0 3 1 1 1 64
1 "ft"
0 
proc1 2 2 10 0 0 3 2 1 1 64
1 "lp"
0 
proccmd 2 2 8 0 0 3 1 7 1 64
1 "wft2d('noop','ptype','noop','noop','noop','noop','1','0','0','0','0','0','1','0')"
0 
processing 2 2 8 0 0 2 1 0 1 64
1 "dgp"
0 
processid 1 1 9.99999984307e+17 -9.99999984307e+17 0 3 1 0 1 64
1 0 
0 
processID 1 1 9.99999984307e+17 -9.99999984307e+17 0 2 1 0 1 64
1 0 
0 
psi 1 1 9.99999984307e+17 -9.99999984307e+17 0 2 1 0 1 64
1 0 
0 
protocols 2 2 8 0 0 3 1 0 1 64
1 ""
0 
pslabel 2 2 8 0 0 2 1 11 1 64
1 "gChsqc"
0 
pwC3 6 1 13 13 13 2 1 8192 1 64
1 48.6 
0 
pw90 6 1 13 13 13 2 1 8194 1 64
1 7.8 
0 
ptspec3d 4 2 4 0 0 3 1 0 1 64
1 "nnn"
0 
pss0 1 1 9.99999984307e+17 -9.99999984307e+17 0 2 1 0 1 64
1 0 
0 
pw 6 1 13 13 13 2 1 8194 1 64
1 6.1 
0 
pwC10 6 1 13 13 13 2 1 8192 1 64
1 80.8 
0 
pwC 6 1 13 13 13 2 1 8192 1 64
1 13.7 
0 
pwC10a 6 1 13 13 13 2 1 8192 1 64
1 80.8 
0 
pwC5 6 1 13 13 13 2 1 8192 1 64
1 89.2 
0 
pwC4 6 1 13 13 13 2 1 8192 1 64
1 48.6 
0 
pwC3a 6 1 13 13 13 2 1 8192 1 64
1 48.6 
0 
pwC6 6 1 13 13 13 2 1 8192 1 64
1 89.2 
0 
pwx2lvl 1 1 18 18 18 2 1 8192 1 64
1 55 
0 
pwClvl 7 1 63 -16 1 2 1 2 1 64
1 60 
0 
pwC9 6 1 13 13 13 2 1 8192 1 64
1 80.8 
0 
pwC8 6 1 13 13 13 2 1 8192 1 64
1 80.8 
0 
pwC7a 6 1 13 13 13 2 1 8192 1 64
1 80.8 
0 
pwC8a 6 1 13 13 13 2 1 8192 1 64
1 80.8 
0 
pwCd 6 1 13 13 13 2 1 8192 1 64
1 250 
0 
pwC9a 6 1 13 13 13 2 1 8192 1 64
1 80.8 
0 
pwsl 6 1 13 13 13 2 1 8192 1 64
1 40 
0 
pwN 6 1 13 13 13 2 1 8192 1 64
1 36 
0 
pwHs 6 1 13 13 13 2 1 8192 1 64
1 1420 
0 
pwNlvl 7 1 63 -16 1 2 1 2 1 64
1 60 
0 
pwx2 6 1 13 13 13 2 1 8192 1 64
1 15 
0 
pwx 6 1 13 13 13 2 1 8192 1 64
1 15 
0 
r5 1 1 1e+18 -1e+18 0 4 1 1 1 64
1 0 
0 
r1 1 1 1e+18 -1e+18 0 4 1 1 1 64
1 0 
0 
pwxlvl 1 1 9 9 9 2 1 8192 1 64
1 55 
0 
pwx2lvl_cf 1 1 9.99999984307e+17 -9.99999984307e+17 0 2 1 0 1 64
1 1 
0 
pwxlvl_cf 1 1 9.99999984307e+17 -9.99999984307e+17 0 2 1 0 1 64
1 1 
0 
r3 1 1 1e+18 -1e+18 0 4 1 1 1 64
1 0 
0 
r2 1 1 1e+18 -1e+18 0 4 1 1 1 64
1 0 
0 
r4 1 1 1e+18 -1e+18 0 4 1 1 1 64
1 0 
0 
rcvrs 4 2 4 0 0 2 1 1 1 64
1 "y"
2 "n" "y" 
r7 1 1 1e+18 -1e+18 0 4 1 1 1 64
1 0 
0 
r6 1 1 1e+18 -1e+18 0 4 1 1 1 64
1 0 
0 
radialAngles 1 1 9.99999984307e+17 -9.99999984307e+17 0 4 1 0 1 64
1 0 
0 
ref 1 1 9.99999984307e+17 -9.99999984307e+17 0 3 4 0 1 64
1 0 
0 
rcvrwt 1 1 9.99999984307e+17 -9.99999984307e+17 0 2 1 256 1 64
1 1 
0 
ref1 1 1 9.99999984307e+17 -9.99999984307e+17 0 2 1 0 1 64
1 0 
0 
rp 1 1 3600 -3600 0.1 4 1 3 1 64
1 257.246075916 
0 
rf80 1 1 9.99999984307e+17 -9.99999984307e+17 0 2 1 0 1 64
1 2370.6 
0 
refsource1 2 2 8 0 0 4 1 0 1 64
1 "dfrq"
0 
reffrq2 1 1 9.99999984307e+17 -9.99999984307e+17 0 4 1 0 1 64
1 60.7676607848 
0 
reffrq 1 1 9.99999984307e+17 -9.99999984307e+17 0 4 1 0 1 64
1 599.705798143 
0 
ref_pwr 1 1 9.99999984307e+17 -9.99999984307e+17 0 2 1 0 1 64
1 56 
0 
reffrq1 1 1 9.99999984307e+17 -9.99999984307e+17 0 4 1 0 1 64
1 150.795741081 
0 
refpos1 1 1 9.99999984307e+17 -9.99999984307e+17 0 4 1 0 0 64
1 0 
0 
refpos 1 1 9.99999984307e+17 -9.99999984307e+17 0 4 1 0 1 64
1 0 
0 
refpos2 1 1 9.99999984307e+17 -9.99999984307e+17 0 4 1 0 0 64
1 0 
0 
researchgroup 2 2 8 0 0 2 1 0 1 64
1 ""
0 
refstd_ 2 2 8 0 0 2 1 65808 1 64
1 "Bio"
0 
refsource2 2 2 8 0 0 4 1 0 1 64
1 "dfrq2"
0 
relaxT 3 1 14 14 14 2 1 8192 1 64
1 0 
0 
rf140 1 1 9.99999984307e+17 -9.99999984307e+17 0 2 1 0 1 64
1 2892.3 
0 
retentiontime_ 2 2 8 0 0 2 1 0 1 64
1 ""
0 
rf30 1 1 9.99999984307e+17 -9.99999984307e+17 0 2 1 0 1 64
1 1831.1 
0 
rflsv 3 1 14 14 14 2 1 8192 1 64
1 4799.39684556 
0 
rfl1 1 1 1000000000 -1000000000 0 4 1 1 1 64
1 -728.218566645 
0 
rfcoil 2 2 8 0 0 2 1 0 1 64
1 ""
0 
rfband 4 2 4 0 0 2 1 0 1 64
1 "cccc"
3 "c" "h" "l" 
rfl 1 1 1000000000 -1000000000 0 4 1 1 1 64
1 2211.44340219 
0 
rfl2 1 1 9.99999984307e+17 -9.99999984307e+17 0 4 1 0 1 64
1 -5940.01523143 
0 
rfp2 1 1 9.99999984307e+17 -9.99999984307e+17 0 4 1 0 1 64
1 0 
0 
rfp 1 1 1000000000 -1000000000 0 4 1 1 1 64
1 0 
0 
rfp1 1 1 1000000000 -1000000000 0 4 1 1 1 64
1 0 
0 
rof1 6 1 13 13 13 2 1 8194 1 64
1 10 
0 
rfpsv 3 1 14 14 14 2 1 8192 1 64
1 3689.26069313 
0 
rof2 6 1 8192 0 0.1 2 1 2 1 64
1 28 
0 
satthk 1 1 9.99999984307e+17 -9.99999984307e+17 0 2 1 0 1 64
1 0 
0 
sampleowner 2 2 8 0 0 2 1 0 1 64
1 ""
0 
sample 2 2 8 0 0 2 1 1 1 64
1 ""
0 
rp2 1 1 3600 -3600 0.1 4 1 3 1 64
1 0 
0 
rp1 1 1 3600 -3600 0.1 4 1 3 1 64
1 0 
0 
samplename 2 2 8 0 0 2 1 8 1 64
1 ""
0 
sample_noise 1 1 9.99999984307e+17 -9.99999984307e+17 0 2 1 0 1 64
1 0 
0 
samplename_global_ 2 2 8 0 0 2 1 0 1 64
1 ""
0 
satfrq 5 1 1000000000 -1000000000 0 2 1 0 1 64
1 -219.2 
0 
sar 1 1 9.99999984307e+17 -9.99999984307e+17 0 2 1 256 1 64
2 0 0 
0 
sampwt 1 1 9.99999984307e+17 -9.99999984307e+17 0 2 1 0 1 64
1 0 
0 
satdly 1 1 1e+18 -1e+18 0 2 1 0 1 64
1 1 
0 
satpos 1 1 9.99999984307e+17 -9.99999984307e+17 0 2 1 0 1 64
1 0 
0 
satmode 4 2 4 0 0 2 1 0 1 64
1 "n"
0 
satpwr 1 1 1e+18 -1e+18 0 2 1 0 1 64
1 -6 
0 
sbs2 1 1 1000 -1000 0.001 3 1 1 1 64
1 -0.064 
0 
sb1 1 1 1000 -1000 0.001 3 1 1 1 64
1 0.02 
0 
saveshapes 2 2 8 0 0 2 1 256 1 64
1 ""
0 
saveglobal_ 2 2 8 0 0 3 1 0 1 64
25 "probe"
"lcpeak"
"loc"
"lockpower"
"lockgain"
"lockphase"
"lockfreq"
"z0"
"lkof"
"vloc"
"vrack"
"vzone"
"vproto"
"pkpick"
"parstyle"
"operator"
"studyid"
"systemname"
"probetype"
"refstd"
"investigator"
"notebook"
"page"
"study"
"samplename_global"
0 
sb 1 1 1000 -1000 0.001 3 1 0 1 64
1 -0.08 
0 
sbs 1 1 1000 -1000 0.001 3 1 1 1 64
1 -0.08 
0 
sb2 1 1 1000 -1000 0.001 3 1 1 0 64
1 0.064 
0 
sbs1 1 1 1000 -1000 0.001 3 1 1 1 64
1 -0.02 
0 
scoutinfo 2 2 8 0 0 2 1 256 1 64
1 ""
0 
sc2 1 1 3 3 3 4 1 8195 1 64
1 0 
0 
sc 1 1 1 1 1 4 1 8195 1 64
1 6.7 
0 
scans 2 2 8 0 0 3 1 0 1 64
1 ""
0 
seqfil 2 2 8 0 0 2 1 11 1 64
1 "gChsqc"
0 
sdirtmplt 2 2 8 0 0 2 1 0 1 64
1 ""
0 
sequence 2 2 8 0 0 2 1 0 1 64
1 "dg2"
0 
volume 1 1 9.99999984307e+17 -9.99999984307e+17 0 2 1 0 1 64
1 0 
0 
time_run 2 2 8 0 0 2 1 0 1 64
1 "20160310T155650"
0 
strtlp2 7 1 1000000 1 1 3 1 0 1 64
1 32 
0 
srate 7 1 32767 0 1 2 1 0 1 64
1 25 
0 
sp 1 1 1000000000 -1000000000 0 4 4 3 1 64
1 -834.49027719 
0 
shims 2 2 8 0 0 2 1 0 1 64
1 ""
0 
sf2 1 1 9.99999984307e+17 -9.99999984307e+17 0 4 1 0 1 64
1 0 
0 
sf1 1 1 9.99999984307e+17 -9.99999984307e+17 0 4 1 0 1 64
1 0 
0 
sfrq 1 1 1000000000 0 0 2 1 11 1 64
1 599.7085867 
0 
solvent 2 2 6 0 0 2 1 11 1 64
1 "D2O"
0 
sn 1 1 1e+18 -1e+18 0 3 1 1 1 64
1 0 
0 
sorient 2 2 8 0 0 2 1 0 1 64
1 ""
0 
sphi 1 1 9.99999984307e+17 -9.99999984307e+17 0 2 1 0 1 64
1 0 
0 
sp2 1 1 9.99999984307e+17 -9.99999984307e+17 0 4 1 0 1 64
1 5940.01523143 
0 
sp1 1 1 1000000000 -1000000000 0 4 1 3 1 64
1 767.281066645 
0 
specdc3d 4 2 4 0 0 3 1 0 1 64
1 "nnn"
0 
spsi 1 1 9.99999984307e+17 -9.99999984307e+17 0 2 1 0 1 64
1 0 
0 
spin 1 1 39 0 1 2 1 0 0 64
1 0 
0 
spsv 3 1 14 14 14 2 1 8192 1 64
1 3441.99513666 
0 
sspul 4 2 4 0 0 2 1 0 1 64
1 "n"
0 
sslsfrq 1 1 9.99999984307e+17 -9.99999984307e+17 0 3 1 0 1 64
1 -17 
0 
ss 7 1 32767 -32768 0 2 1 0 1 64
1 2 
0 
sreffrq 1 1 9.99999984307e+17 -9.99999984307e+17 0 2 1 0 1 64
1 599.705798143 
0 
ssfilter 1 1 50000 10 0.1 3 1 0 1 64
1 200 
0 
ssorder 7 1 20 1 1 3 1 0 0 64
1 7 
0 
ssntaps 7 1 2500 0 1 3 1 0 1 64
1 200 
0 
strtext1 7 1 1000000 1 1 3 1 0 1 64
1 101 
0 
strtext 7 1 1000000 1 1 3 1 0 1 64
1 1 
0 
stheta 1 1 9.99999984307e+17 -9.99999984307e+17 0 2 1 0 1 64
1 0 
0 
strtlp 7 1 1000000 1 1 3 1 0 1 64
1 2 
0 
strtext2 7 1 1000000 1 1 3 1 0 1 64
1 33 
0 
strtlp1 7 1 1000000 1 1 3 1 0 1 64
1 100 
0 
t2 3 1 14 14 14 2 1 8192 1 64
1 0 
0 
svfopt 4 2 4 0 0 2 1 0 1 64
1 "y"
0 
study_ 2 2 8 0 0 2 1 0 1 64
1 ""
0 
study 2 2 8 0 0 3 1 0 1 64
1 ""
0 
strtpar 2 2 8 0 0 2 1 0 1 64
1 ""
0 
studyowner 2 2 8 0 0 2 1 0 1 64
1 "group"
0 
studyid_ 2 2 8 0 0 2 1 0 1 64
1 "tmpstudy"
0 
studystatus 2 2 8 0 0 2 1 0 1 64
1 ""
0 
sw2 1 1 5000000 1 -2.5e-08 2 1 0 1 64
1 2200 
0 
sw 1 1 5 5 5 2 4 8203 1 64
1 10000 
0 
svftmplt 2 2 8 0 0 2 1 0 1 64
1 ""
0 
sw1 1 1 1e+18 -1e+18 0 2 5 0 1 64
1 10000 
0 
systemname_ 2 2 8 0 0 2 1 0 1 64
1 "riesling-inova600"
0 
swsv 3 1 14 14 14 2 1 8192 1 64
1 7993.60511591 
0 
t1 3 1 14 14 14 2 1 8192 1 64
1 0 
0 
theta 1 1 9.99999984307e+17 -9.99999984307e+17 0 2 1 0 1 64
1 0 
0 
temp 1 1 200 -150 0.1 2 1 8 1 64
1 25 
0 
tCH 3 1 14 14 14 2 1 8192 1 64
1 0.00175 
0 
t3 3 1 14 14 14 2 1 8192 1 64
1 0 
0 
tauCH 3 1 14 14 14 2 1 8192 1 64
1 0.0017 
0 
th 1 1 1000000000 0 0 4 1 1 1 64
1 3 
0 
text_string 2 2 8 0 0 4 1 256 1 64
1 ""
0 
th2d 1 1 1 1e-18 0 4 1 17 1 64
1 0.8 
0 
time_complete 2 2 8 0 0 2 1 0 1 64
1 "20160310T162614"
0 
thk 1 1 9.99999984307e+17 -9.99999984307e+17 0 2 1 0 1 64
1 0 
0 
timeTN 3 1 14 14 14 2 1 8192 1 64
1 0.014 
0 
time_plotted 2 2 8 0 0 3 1 0 1 64
1 ""
0 
time_exp 2 2 8 0 0 2 1 0 1 64
1 ""
0 
time_processed 2 2 8 0 0 3 1 0 1 64
1 "20160310T162921"
0 
tpwrsf_i 1 1 9.99999984307e+17 -9.99999984307e+17 0 2 1 0 1 64
1 2330 
0 
tnref 2 2 8 0 0 4 1 1 1 64
1 ""
0 
time_svfdate 2 2 8 0 0 2 1 0 1 64
1 "20160310T155650"
0 
time_submitted 2 2 8 0 0 2 1 0 1 64
1 "20160310T155650"
0 
time_saved 2 2 8 0 0 2 1 0 1 64
1 ""
0 
time_submitted_local 2 2 8 0 0 2 1 0 1 64
1 "20160310T155650X03PMThuMar"
0 
tlt 1 1 1000000000 -1000000000 0 4 1 1 1 64
1 0 
0 
tin 2 2 1 0 0 2 1 2 1 64
1 "n"
3 "n" "w" "y" 
tn 2 2 4 0 0 2 1 8 1 64
1 "H1"
0 
tpwr 1 1 17 17 17 2 1 8194 1 64
1 56 
0 
tof 5 1 7 7 7 2 1 8202 1 64
1 -210 
0 
tnshapes 2 2 8 0 0 2 1 256 1 64
3 ""
""
""
0 
tpwrsf_a 1 1 9.99999984307e+17 -9.99999984307e+17 0 2 1 0 1 64
1 2400 
0 
tpwr_cf 1 1 9.99999984307e+17 -9.99999984307e+17 0 2 1 0 1 64
1 1 
0 
tpwrsf_d 1 1 9.99999984307e+17 -9.99999984307e+17 0 2 1 0 1 64
1 3190 
0 
username 2 2 8 0 0 2 1 0 1 64
1 ""
0 
tpwrsl 1 1 9.99999984307e+17 -9.99999984307e+17 0 2 1 0 1 64
1 46 
0 
tpwrsf_t 1 1 9.99999984307e+17 -9.99999984307e+17 0 2 1 0 1 64
1 3200 
0 
tpwrsf_n 1 1 9.99999984307e+17 -9.99999984307e+17 0 2 1 0 1 64
1 700 
0 
tpwrsf_u 1 1 9.99999984307e+17 -9.99999984307e+17 0 2 1 0 1 64
1 2170 
0 
trise 1 1 9.99999984307e+17 -9.99999984307e+17 0 2 1 0 1 64
1 1e-05 
0 
trace 2 2 2 0 0 4 1 3 1 64
1 "f2"
3 "f1" "f2" "f3" 
tunemethod 2 2 8 0 0 2 1 0 1 64
1 "lohi"
0 
vjdialog 2 2 8 0 0 4 1 256 1 64
1 ""
0 
vf 1 1 1000000000 0 0 4 1 3 1 64
1 5979870266.47 
0 
userplotter 2 2 8 0 0 4 1 0 1 64
1 ""
0 
vloc_ 2 2 8 0 0 2 1 8 1 64
1 "A0"
0 
vjdialogarg 2 2 8 0 0 4 1 256 1 64
1 ""
0 
vo 1 1 500 -500 0 4 1 1 1 64
1 30 
0 
x2y2 7 1 19 19 19 2 1 8192 1 64
1 3223 
0 
wnt 2 2 6 0 0 3 1 3 1 64
1 ""
0 
vtc 1 1 255 0 1 2 1 2 1 64
1 25 
0 
vphi 1 1 9.99999984307e+17 -9.99999984307e+17 0 2 1 0 1 64
1 0 
0 
vox3 1 1 9.99999984307e+17 -9.99999984307e+17 0 2 1 0 1 64
1 0 
0 
vox1 1 1 9.99999984307e+17 -9.99999984307e+17 0 2 1 0 1 64
1 0 
0 
vorient 2 2 8 0 0 2 1 0 1 64
1 ""
0 
vox2 1 1 9.99999984307e+17 -9.99999984307e+17 0 2 1 0 1 64
1 0 
0 
vpf 1 1 500 -500 0 4 1 0 1 64
1 0 
0 
vp 7 1 500 -500 0.1 4 1 3 1 64
1 0 
0 
vpfi 1 1 500 -500 0 4 1 0 1 64
1 0 
0 
vs 1 1 1000000000 1e-06 0 4 1 3 1 64
1 28409.8 
0 
vpsi 1 1 9.99999984307e+17 -9.99999984307e+17 0 2 1 0 1 64
1 0 
0 
vproto_ 2 2 8 0 0 2 1 0 1 64
1 ""
0 
vrack_ 7 1 5 1 0 2 1 0 1 64
1 1 
0 
vsproj 1 1 1000000000 1e-06 0 4 1 3 1 64
1 596.372782734 
0 
vs2d 1 1 1000000000 1e-06 0 4 1 3 1 64
1 1622.19699544 
0 
wds 2 2 8 0 0 3 1 0 1 64
1 ""
0 
wbs 2 2 6 0 0 3 1 3 1 64
1 ""
0 
vtwait 3 1 14 14 14 2 1 8194 1 64
1 300 
0 
vtheta 1 1 9.99999984307e+17 -9.99999984307e+17 0 2 1 0 1 64
1 0 
0 
vzone_ 7 1 15 1 0 2 1 0 1 64
1 1 
0 
wc2 1 1 4 4 4 4 1 8195 1 64
1 134.2 
0 
wc 1 1 2 2 2 4 1 8203 1 64
1 241.2 
0 
wdone 2 2 8 0 0 3 1 0 1 64
1 "acqdone"
0 
wexp 2 2 6 0 0 3 1 3 1 64
1 ""
0 
werr 2 2 6 0 0 3 1 3 1 64
1 ""
0 
weight 1 1 9.9e+17 0 0.001 3 1 0 1 64
1 0 
0 
wf1 1 1 9.99999984307e+17 -9.99999984307e+17 0 4 1 0 1 64
1 0.0512 
0 
wf 1 1 8190 0 1e-07 4 1 3 1 64
1 0.08 
0 
wf2 1 1 9.99999984307e+17 -9.99999984307e+17 0 4 1 0 1 64
1 0.0581818181818 
0 
wshim 4 2 4 0 0 2 1 1 1 64
1 "n"
15 "e" "f" "g" "n" "s" "0" "1" "2" "3" "4" "5" "6" "7" "8" "9" 
wp2 1 1 9.99999984307e+17 -9.99999984307e+17 0 4 1 0 1 64
1 2200 
0 
wp1 1 1 100000 0 0 4 1 3 1 64
1 9921.875 
0 
wp 1 1 5000000 0 0 4 4 11 1 64
1 4230.95703125 
0 
wqinit 2 2 8 0 0 4 1 0 1 64
1 ""
0 
wpsv 3 1 14 14 14 2 1 8192 1 64
1 3144.25563268 
0 
wrtp 2 2 8 0 0 3 1 0 1 64
1 ""
0 
wtfile1 2 2 15 0 0 3 2 1 1 64
1 ""
0 
wtfile 2 2 15 0 0 3 1 1 1 64
1 ""
0 
wstart 2 2 8 0 0 3 1 0 1 64
1 ""
0 
wtune 4 2 4 0 0 2 1 0 1 64
1 "st1"
11 "s" "t" "e" "i" "n" "o" "v" "1" "2" "3" "4" 
wtfile2 2 2 8 0 0 3 1 1 1 64
1 ""
0 
x1 7 1 19 19 19 2 1 8192 1 64
1 -1930 
0 
z3x 7 1 19 19 19 2 1 8192 1 64
1 6172 
0 
z2c 7 1 19 19 19 2 1 8192 1 64
1 0 
0 
y3 7 1 19 19 19 2 1 8192 1 64
1 4048 
0 
xy 7 1 19 19 19 2 1 8192 1 64
1 -1406 
0 
x4 7 1 19 19 19 2 1 8192 1 64
1 0 
0 
x3 7 1 19 19 19 2 1 8192 1 64
1 -17642 
0 
xdiag 1 1 1e+18 0 0 4 1 17 1 64
1 0 
0 
xz2 7 1 19 19 19 2 1 8192 1 64
1 1412 
0 
xz 7 1 19 19 19 2 1 8192 1 64
1 -4106 
0 
y1 7 1 19 19 19 2 1 8192 1 64
1 -1467 
0 
z0_ 1 1 19 19 19 2 1 73744 1 64
1 -25587 
0 
yz 7 1 19 19 19 2 1 8192 1 64
1 -1408 
0 
y4 7 1 19 19 19 2 1 8192 1 64
1 0 
0 
yz2 7 1 19 19 19 2 1 8192 1 64
1 -577 
0 
z1c 7 1 19 19 19 2 1 8192 1 64
1 0 
0 
z1 7 1 19 19 19 2 1 8192 1 64
1 7448 
0 
z2 7 1 19 19 19 2 1 8192 1 64
1 1963 
0 
z2y3 7 1 19 19 19 2 1 8192 1 64
1 0 
0 
z2x3 7 1 19 19 19 2 1 8192 1 64
1 0 
0 
z2x2y2 7 1 19 19 19 2 1 8192 1 64
1 28 
0 
z2xy 7 1 19 19 19 2 1 8192 1 64
1 3658 
0 
z3c 7 1 19 19 19 2 1 8192 1 64
1 0 
0 
z3 7 1 19 19 19 2 1 8192 1 64
1 -3278 
0 
z5 7 1 19 19 19 2 1 8192 1 64
1 5350 
0 
z4x 7 1 19 19 19 2 1 8192 1 64
1 1026 
0 
z3y 7 1 19 19 19 2 1 8192 1 64
1 100 
0 
z3x3 7 1 19 19 19 2 1 8192 1 64
1 0 
0 
z3x2y2 7 1 19 19 19 2 1 8192 1 64
1 0 
0 
z3xy 7 1 19 19 19 2 1 8192 1 64
1 0 
0 
z4 7 1 19 19 19 2 1 8192 1 64
1 -2185 
0 
z3y3 7 1 19 19 19 2 1 8192 1 64
1 0 
0 
z4c 7 1 19 19 19 2 1 8192 1 64
1 0 
0 
z4xy 7 1 19 19 19 2 1 8192 1 64
1 0 
0 
z4x2y2 7 1 19 19 19 2 1 8192 1 64
1 0 
0 
z4y 7 1 19 19 19 2 1 8192 1 64
1 3067 
0 
z7 7 1 19 19 19 2 1 8192 1 64
1 14669 
0 
z5y 7 1 19 19 19 2 1 8192 1 64
1 0 
0 
z5x 7 1 19 19 19 2 1 8192 1 64
1 0 
0 
z6 7 1 19 19 19 2 1 8192 1 64
1 4500 
0 
zx2y2 7 1 19 19 19 2 1 8192 1 64
1 17044 
0 
zoom 7 1 32767 0 0 4 1 0 1 64
1 0 
0 
z8 7 1 19 19 19 2 1 8192 1 64
1 0 
0 
zxy 7 1 19 19 19 2 1 8192 1 64
1 7110 
0 
zx3 7 1 19 19 19 2 1 8192 1 64
1 -567 
0 
zy3 7 1 19 19 19 2 1 8192 1 64
1 -1895 
0 
