##TITLE= Parameter file, TOPSPIN		Version 2.0PV
##JCAMPDX= 5.0
##DATATYPE= Parameter Values
##NPOINTS= 6	$$ modification sequence number
##ORIGIN= Bruker BioSpin GmbH
##OWNER= ogj
$$ 2016-03-04 13:26:30.583 +0000  ogj@tor.chem.soton.ac.uk
$$ /opt/pv51/data/graeme/nmr/glucose-361/4/pdata/1/proc
$$ process /opt/pv51/prog/mod/proc1d
##$ABSF1= 177.2014
##$ABSF2= 172.799
##$ABSG= 5
##$ABSL= 3
##$ALPHA= 0
##$AQORDER= 0
##$ASSFAC= 0
##$ASSFACI= 0
##$ASSFACX= 0
##$ASSWID= 0
##$AUNMP= <proc_1d>
##$AXLEFT= 0
##$AXNAME= <>
##$AXNUC= <off>
##$AXRIGHT= 0
##$AXTYPE= 0
##$AXUNIT= <>
##$AZFE= 0.1
##$AZFW= 0.1
##$BCFW= 1
##$BC_mod= 0
##$BYTORDP= 0
##$COROFFS= 0
##$CY= 1
##$DATMOD= 1
##$DC= -1
##$DFILT= <>
##$DTYPP= 0
##$ERETIC= no
##$F1P= 137.872604370117
##$F2P= 53.380147288714
##$FCOR= 0.5
##$FTSIZE= 16384
##$FT_mod= 6
##$GAMMA= 1
##$GB= 0.2
##$INTBC= 1
##$INTSCL= 1
##$ISEN= 128
##$LB= 5
##$LEV0= 0
##$LPBIN= 0
##$MAXI= 10000
##$MC2= 0
##$MEAN= 0
##$ME_mod= 0
##$MI= 0
##$MddCEXP= no
##$MddCT_SP= no
##$MddF180= no
##$MddLAMBDA= 0
##$MddMEMORY= 0
##$MddMERGE= 23
##$MddNCOMP= 0
##$MddNITER= 0
##$MddNOISE= 0.8
##$MddPHASE= 0
##$MddSEED= 0
##$MddSRSIZE= 0
##$Mdd_CsALG= 0
##$Mdd_CsLAMBDA= 1
##$Mdd_CsNITER= 0
##$Mdd_CsNORM= 0
##$Mdd_CsZF= 0
##$Mdd_mod= 0
##$NCOEF= 0
##$NC_proc= 0
##$NLEV= 6
##$NOISF1= 8.747123
##$NOISF2= 8.247123
##$NSP= 140
##$NTH_PI= 0
##$NZP= 0
##$OFFSET= -5.393516
##$PC= 1
##$PHC0= 25.07703
##$PHC1= 152.6759
##$PH_mod= 1
##$PKNL= yes
##$PPARMOD= 0
##$PPDIAG= 0
##$PPIPTYP= 0
##$PPMPNUM= 2147483647
##$PPRESOL= 1
##$PSCAL= 0
##$PSIGN= 0
##$PYNMP= <proc.py>
##$REVERSE= no
##$SF= 75.3925789149666
##$SI= 16384
##$SIGF1= 1.288621
##$SIGF2= 1.188621
##$SINO= 400
##$SIOLD= 16384
##$SPECTYP= <>
##$SREGLST= <1H.CDCl3>
##$SSB= 2
##$STSI= 6912
##$STSR= 0
##$SW_p= 6379.15826612902
##$SYMM= 0
##$S_DEV= 0
##$TDeff= 0
##$TDoff= 0
##$TI= <>
##$TILT= no
##$TM1= 0.25
##$TM2= 0.75
##$TOPLEV= 0
##$USERP1= <user>
##$USERP2= <user>
##$USERP3= <user>
##$USERP4= <user>
##$USERP5= <user>
##$WDW= 1
##$XDIM= 8192
##$YMAX_p= 2147471360
##$YMIN_p= 7193574
##END=
