##TITLE= Parameter file, TOPSPIN		Version 3.2
##JCAMPDX= 5.0
##DATATYPE= Parameter Values
##NPOINTS= 2	$$ modification sequence number
##ORIGIN= Bruker BioSpin GmbH
##OWNER= ogj
$$ 2016-03-04 15:39:28.357 +0000  ogj@tor.chem.soton.ac.uk
$$ /opt/pv51/data/graeme/nmr/glucose-361/14/pdata/1/proc2s
$$ process /opt/topspin3.2/prog/mod/proc2d
##$ABSF1= 0
##$ABSF2= 0
##$ABSG= 0
##$ABSL= 0
##$ALPHA= 0
##$AQORDER= 0
##$ASSFAC= 0
##$ASSFACI= 0
##$ASSFACX= 0
##$ASSWID= 0
##$AUNMP= <>
##$AXLEFT= 0
##$AXNAME= <F1>
##$AXNUC= <13C>
##$AXRIGHT= 0
##$AXTYPE= 0
##$AXUNIT= <>
##$AZFE= 0.1
##$AZFW= 0.5
##$BCFW= 0
##$BC_mod= 0
##$BYTORDP= 0
##$COROFFS= 0
##$CY= 15
##$DATMOD= 1
##$DC= 0
##$DFILT= <>
##$DTYPP= 0
##$ERETIC= no
##$F1P= 0
##$F2P= 0
##$FCOR= 0.5
##$FTSIZE= 512
##$FT_mod= 4
##$GAMMA= 0
##$GB= 0
##$INTBC= 1
##$INTSCL= 1
##$ISEN= 128
##$LB= 0
##$LEV0= 0
##$LPBIN= 0
##$MAXI= 10000
##$MC2= 4
##$MEAN= 0
##$ME_mod= 0
##$MI= 1
##$MddCEXP= no
##$MddCT_SP= no
##$MddF180= no
##$MddLAMBDA= 0
##$MddMEMORY= 0
##$MddMERGE= 0
##$MddNCOMP= 0
##$MddNITER= 0
##$MddNOISE= 0
##$MddPHASE= 0
##$MddSEED= 0
##$MddSRSIZE= 0
##$Mdd_CsALG= 0
##$Mdd_CsLAMBDA= 0
##$Mdd_CsNITER= 0
##$Mdd_CsNORM= 0
##$Mdd_CsZF= 0
##$Mdd_mod= 0
##$NCOEF= 0
##$NC_proc= -11
##$NLEV= 6
##$NOISF1= 0
##$NOISF2= 0
##$NSP= 0
##$NTH_PI= 0
##$NZP= 0
##$OFFSET= 183.3643
##$PC= 4
##$PHC0= -80
##$PHC1= 0
##$PH_mod= 1
##$PKNL= no
##$PPARMOD= 1
##$PPDIAG= 0
##$PPIPTYP= 0
##$PPMPNUM= 2147483647
##$PPRESOL= 1
##$PSCAL= 1
##$PSIGN= 0
##$PYNMP= <proc.py>
##$REVERSE= no
##$SF= 75.3779534989162
##$SI= 512
##$SIGF1= 0
##$SIGF2= 0
##$SINO= 16
##$SIOLD= 512
##$SPECTYP= <>
##$SREGLST= <1H.MeOD>
##$SSB= 2
##$STSI= 512
##$STSR= 0
##$SW_p= 14326.64756447
##$SYMM= 0
##$S_DEV= 180983
##$TDeff= 4
##$TDoff= 0
##$TI= <>
##$TILT= no
##$TM1= 0
##$TM2= 0
##$TOPLEV= 0
##$USERP1= <user>
##$USERP2= <user>
##$USERP3= <user>
##$USERP4= <user>
##$USERP5= <user>
##$WDW= 4
##$XDIM= 512
##$YMAX_p= 5810676
##$YMIN_p= -6514791
##END=
